GEM
  remote: http://rubygems.org/
  specs:
    cool.io (1.2.4)
    fluent-mixin-config-placeholders (0.2.4)
      fluentd
      uuidtools
    fluent-plugin-growthforecast (0.2.7)
      fluent-mixin-config-placeholders
      fluentd
      resolve-hostname (>= 0.0.4)
    fluent-plugin-stats (0.3.4)
      fluentd
    fluentd (0.10.49)
      cool.io (>= 1.1.1, < 2.0.0, != 1.2.0)
      http_parser.rb (>= 0.5.1, < 0.7.0)
      json (>= 1.4.3)
      msgpack (>= 0.4.4, < 0.6.0, != 0.5.3, != 0.5.2, != 0.5.1, != 0.5.0)
      sigdump (~> 0.2.2)
      yajl-ruby (~> 1.0)
    http_parser.rb (0.6.0)
    json (1.8.1)
    msgpack (0.5.8)
    resolve-hostname (0.0.4)
    sigdump (0.2.2)
    uuidtools (2.1.4)
    yajl-ruby (1.2.1)

PLATFORMS
  ruby

DEPENDENCIES
  fluent-plugin-growthforecast
  fluent-plugin-stats
