GEM
  remote: http://rubygems.org/
  specs:
    cool.io (1.2.4)
    fluent-plugin-stats (0.3.4)
      fluentd
    fluent-plugin-yohoushi (0.1.3)
      fluentd
      growthforecast-client (>= 0.62.4)
      multiforecast-client
      yohoushi-client
    fluentd (0.10.49)
      cool.io (>= 1.1.1, < 2.0.0, != 1.2.0)
      http_parser.rb (>= 0.5.1, < 0.7.0)
      json (>= 1.4.3)
      msgpack (>= 0.4.4, < 0.6.0, != 0.5.3, != 0.5.2, != 0.5.1, != 0.5.0)
      sigdump (~> 0.2.2)
      yajl-ruby (~> 1.0)
    growthforecast-client (0.82.5)
      parallel
      thor
    http_parser.rb (0.6.0)
    httpclient (2.4.0)
    json (1.8.1)
    msgpack (0.5.8)
    multiforecast-client (0.80.0.3)
      growthforecast-client (>= 0.62.0)
    parallel (1.0.0)
    sigdump (0.2.2)
    thor (0.19.1)
    yajl-ruby (1.2.1)
    yohoushi-client (0.0.2)
      httpclient
      thor

PLATFORMS
  ruby

DEPENDENCIES
  fluent-plugin-stats
  fluent-plugin-yohoushi
